GEM
  remote: https://rubygems.org/
  specs:
    addressable (2.8.1)
      public_suffix (>= 2.0.2, < 6.0)
    berkshelf (6.3.4)
      buff-config (~> 2.0)
      buff-extensions (~> 2.0)
      chef (>= 12.7.2, < 14.0)
      cleanroom (~> 1.0)
      concurrent-ruby (~> 1.0)
      faraday (~> 0.9)
      httpclient (~> 2.7)
      minitar (~> 0.5, >= 0.5.4)
      mixlib-archive (~> 0.4)
      mixlib-shellout (~> 2.0)
      octokit (~> 4.0)
      retryable (~> 2.0)
      ridley (~> 5.0)
      solve (~> 4.0)
      thor (~> 0.19, < 0.19.2)
    buff-config (2.0.0)
      buff-extensions (~> 2.0)
      varia_model (~> 0.6)
    buff-extensions (2.0.0)
    buff-ignore (1.2.0)
    buff-ruby_engine (1.0.0)
    buff-shell_out (1.1.0)
      buff-ruby_engine (~> 1.0)
    builder (3.2.3)
    celluloid (0.16.0)
      timers (~> 4.0.0)
    celluloid-io (0.16.2)
      celluloid (>= 0.16.0)
      nio4r (>= 1.1.0)
    chef (12.7.2)
      chef-config (= 12.7.2)
      chef-zero (~> 4.5)
      diff-lcs (~> 1.2, >= 1.2.4)
      erubis (~> 2.7)
      ffi-yajl (~> 2.2)
      highline (~> 1.6, >= 1.6.9)
      mixlib-authentication (~> 1.4)
      mixlib-cli (~> 1.4)
      mixlib-log (~> 1.3)
      mixlib-shellout (~> 2.0)
      net-ssh (>= 2.9, < 4.0)
      net-ssh-multi (~> 1.1)
      ohai (>= 8.6.0.alpha.1, < 9)
      plist (~> 3.1.0)
      proxifier (~> 1.0)
      rspec-core (~> 3.4)
      rspec-expectations (~> 3.4)
      rspec-mocks (~> 3.4)
      rspec_junit_formatter (~> 0.2.0)
      serverspec (~> 2.7)
      specinfra (~> 2.10)
      syslog-logger (~> 1.6)
      uuidtools (~> 2.1.5)
    chef-config (12.7.2)
      mixlib-config (~> 2.0)
      mixlib-shellout (~> 2.0)
    chef-zero (4.9.0)
      ffi-yajl (~> 2.2)
      hashie (>= 2.0, < 4.0)
      mixlib-log (~> 1.3)
      rack (< 2)
      uuidtools (~> 2.1)
    cleanroom (1.0.0)
    concurrent-ruby (1.1.4)
    diff-lcs (1.3)
    erubis (2.7.0)
    faraday (0.17.5)
      multipart-post (>= 1.2, < 3)
    ffi (1.9.25)
    ffi-yajl (2.3.1)
      libyajl2 (~> 1.2)
    hashie (3.6.0)
    highline (1.7.8)
    hitimes (2.0.0)
    httpclient (2.8.3)
    ipaddress (0.8.3)
    json (2.6.2)
    kitchen-ansible (0.0.38)
      librarian-ansible
      test-kitchen (~> 1.4)
    kitchen-vagrant (0.19.0)
      test-kitchen (~> 1.4)
    librarian (0.1.2)
      highline
      thor (~> 0.15)
    librarian-ansible (2.0.0)
      faraday
      librarian (~> 0.1.0)
    libyajl2 (1.2.0)
    minitar (0.7)
    mixlib-archive (0.4.19)
      mixlib-log
    mixlib-authentication (1.4.2)
    mixlib-cli (1.7.0)
    mixlib-config (2.2.18)
      tomlrb
    mixlib-install (0.7.1)
    mixlib-log (1.7.1)
    mixlib-shellout (2.4.4)
    molinillo (0.6.6)
    multi_json (1.13.1)
    multipart-post (2.2.3)
    net-scp (1.2.1)
      net-ssh (>= 2.6.5)
    net-ssh (3.0.2)
    net-ssh-gateway (1.3.0)
      net-ssh (>= 2.6.5)
    net-ssh-multi (1.2.1)
      net-ssh (>= 2.6.5)
      net-ssh-gateway (>= 1.2.0)
    net-telnet (0.1.1)
    nio4r (2.5.8)
    octokit (4.22.0)
      faraday (>= 0.9)
      sawyer (~> 0.8.0, >= 0.5.3)
    ohai (8.26.1)
      chef-config (>= 12.5.0.alpha.1, < 14)
      ffi (~> 1.9)
      ffi-yajl (~> 2.2)
      ipaddress
      mixlib-cli
      mixlib-config (~> 2.0)
      mixlib-log (>= 1.7.1, < 2.0)
      mixlib-shellout (~> 2.0)
      plist (~> 3.1)
      systemu (~> 2.6.4)
      wmi-lite (~> 1.0)
    plist (3.1.0)
    proxifier (1.0.3)
    public_suffix (5.0.0)
    rack (1.6.11)
    retryable (2.0.4)
    ridley (5.1.1)
      addressable
      buff-config (~> 2.0)
      buff-extensions (~> 2.0)
      buff-ignore (~> 1.2)
      buff-shell_out (~> 1.0)
      celluloid (~> 0.16.0)
      celluloid-io (~> 0.16.1)
      chef-config (>= 12.5.0)
      erubis
      faraday (~> 0.9)
      hashie (>= 2.0.2, < 4.0.0)
      httpclient (~> 2.7)
      json (>= 1.7.7)
      mixlib-authentication (>= 1.3.0)
      retryable (~> 2.0)
      semverse (~> 2.0)
      varia_model (~> 0.6)
    rspec (3.8.0)
      rspec-core (~> 3.8.0)
      rspec-expectations (~> 3.8.0)
      rspec-mocks (~> 3.8.0)
    rspec-core (3.8.0)
      rspec-support (~> 3.8.0)
    rspec-expectations (3.8.2)
      diff-lcs (>= 1.2.0, < 2.0)
      rspec-support (~> 3.8.0)
    rspec-its (1.2.0)
      rspec-core (>= 3.0.0)
      rspec-expectations (>= 3.0.0)
    rspec-mocks (3.8.0)
      diff-lcs (>= 1.2.0, < 2.0)
      rspec-support (~> 3.8.0)
    rspec-support (3.8.0)
    rspec_junit_formatter (0.2.3)
      builder (< 4)
      rspec-core (>= 2, < 4, != 2.12.0)
    safe_yaml (1.0.4)
    sawyer (0.8.2)
      addressable (>= 2.3.5)
      faraday (> 0.8, < 2.0)
    semverse (2.0.0)
    serverspec (2.41.3)
      multi_json
      rspec (~> 3.0)
      rspec-its
      specinfra (~> 2.72)
    sfl (2.3)
    solve (4.0.2)
      molinillo (~> 0.6)
      semverse (>= 1.1, < 4.0)
    specinfra (2.76.6)
      net-scp
      net-ssh (>= 2.7)
      net-telnet (= 0.1.1)
      sfl
    syslog-logger (1.6.8)
    systemu (2.6.5)
    test-kitchen (1.5.0)
      chef-config (>= 12.5.1)
      mixlib-install (~> 0.7)
      mixlib-shellout (>= 1.2, < 3.0)
      net-scp (~> 1.1)
      net-ssh (>= 2.9, < 4.0)
      safe_yaml (~> 1.0)
      thor (~> 0.18)
    thor (0.19.1)
    timers (4.0.4)
      hitimes
    tomlrb (2.0.3)
    uuidtools (2.1.5)
    varia_model (0.6.0)
      buff-extensions (~> 2.0)
      hashie (>= 2.0.2, < 4.0.0)
    wmi-lite (1.0.1)

PLATFORMS
  ruby

DEPENDENCIES
  berkshelf
  kitchen-ansible
  kitchen-vagrant
  test-kitchen

BUNDLED WITH
   1.16.1
